GEM
  remote: https://rubygems.org/
  specs:
    backports (3.6.6)
    celluloid (0.16.0)
      timers (~> 4.0.0)
    hitimes (1.2.3)
    json (1.8.3)
    multi_json (1.11.2)
    puma (2.11.1)
      rack (>= 1.1, < 2.0)
    rack (1.6.4)
    rack-protection (1.5.3)
      rack
    rack-test (0.6.3)
      rack (>= 1.0)
    sinatra (1.4.6)
      rack (~> 1.4)
      rack-protection (~> 1.4)
      tilt (>= 1.3, < 3)
    sinatra-contrib (1.4.6)
      backports (>= 2.0)
      multi_json
      rack-protection
      rack-test
      sinatra (~> 1.4.0)
      tilt (>= 1.3, < 3)
    slack-post (0.3.2)
      yajl-ruby
    sucker_punch (1.5.1)
      celluloid (= 0.16.0)
    tilt (2.0.1)
    timers (4.0.4)
      hitimes
    yajl-ruby (1.2.1)

PLATFORMS
  ruby

DEPENDENCIES
  json
  puma
  sinatra
  sinatra-contrib
  slack-post
  sucker_punch (~> 1.5.0)

BUNDLED WITH
   1.10.6
