GEM
  remote: https://rubygems.org/
  specs:
    backports (3.6.6)
    byebug (5.0.0)
      columnize (= 0.9.0)
    celluloid (0.16.0)
      timers (~> 4.0.0)
    coderay (1.1.0)
    columnize (0.9.0)
    hitimes (1.2.3)
    json (1.8.3)
    method_source (0.8.2)
    multi_json (1.11.2)
    pry (0.10.1)
      coderay (~> 1.1.0)
      method_source (~> 0.8.1)
      slop (~> 3.4)
    pry-byebug (3.2.0)
      byebug (~> 5.0)
      pry (~> 0.10)
    rack (1.6.4)
    rack-protection (1.5.3)
      rack
    rack-test (0.6.3)
      rack (>= 1.0)
    sinatra (1.4.6)
      rack (~> 1.4)
      rack-protection (~> 1.4)
      tilt (>= 1.3, < 3)
    sinatra-contrib (1.4.6)
      backports (>= 2.0)
      multi_json
      rack-protection
      rack-test
      sinatra (~> 1.4.0)
      tilt (>= 1.3, < 3)
    slack-post (0.3.2)
      yajl-ruby
    slop (3.6.0)
    sucker_punch (1.5.1)
      celluloid (= 0.16.0)
    tilt (2.0.1)
    timers (4.0.4)
      hitimes
    yajl-ruby (1.2.1)

PLATFORMS
  ruby

DEPENDENCIES
  json
  pry
  pry-byebug
  sinatra
  sinatra-contrib
  slack-post
  sucker_punch (~> 1.5.0)

BUNDLED WITH
   1.10.6
